GEM
  remote: http://rubygems.org/
  specs:
    dalli (2.0.5)
    json (1.7.3)
    rack (1.4.1)
    rack-protection (1.2.0)
      rack
    redis (2.2.2)
    sass (3.1.18)
    sinatra (1.3.2)
      rack (~> 1.3, >= 1.3.6)
      rack-protection (~> 1.2)
      tilt (~> 1.3, >= 1.3.3)
    sinatra-cache (0.3.7)
      sinatra (>= 1.1.0)
      sinatra-outputbuffer (>= 0.1.0)
    sinatra-outputbuffer (0.1.0)
      sinatra (>= 1.0.a)
    tilt (1.3.3)

PLATFORMS
  ruby

DEPENDENCIES
  dalli
  json
  redis
  sass
  sinatra
  sinatra-cache
